GEM
  remote: https://rubygems.org/
  specs:
    diff-lcs (1.3)
    haml (5.0.4)
      temple (>= 0.8.0)
      tilt
    rack (1.6.8)
    rack-test (0.8.2)
      rack (>= 1.0, < 3)
    rake (12.3.0)
    rspec (3.7.0)
      rspec-core (~> 3.7.0)
      rspec-expectations (~> 3.7.0)
      rspec-mocks (~> 3.7.0)
    rspec-core (3.7.0)
      rspec-support (~> 3.7.0)
    rspec-expectations (3.7.0)
      diff-lcs (>= 1.2.0, < 2.0)
      rspec-support (~> 3.7.0)
    rspec-mocks (3.7.0)
      diff-lcs (>= 1.2.0, < 2.0)
      rspec-support (~> 3.7.0)
    rspec-support (3.7.0)
    sinatra (1.1.0)
      rack (~> 1.1)
      tilt (~> 1.1)
    temple (0.8.0)
    tilt (1.4.1)

PLATFORMS
  ruby

DEPENDENCIES
  haml
  rack-test
  rake
  rspec
  sinatra (= 1.1.0)

RUBY VERSION
   ruby 2.4.2p198

BUNDLED WITH
   1.16.0
